PATH
  remote: .
  specs:
    jecab (0.0.1)
      charlock_holmes (~> 0)

GEM
  remote: https://rubygems.org/
  specs:
    byebug (9.0.5)
    charlock_holmes (0.7.3)
    fabrication (2.15.2)
    faker (1.6.3)
      i18n (~> 0.5)
    i18n (0.7.0)
    minitest (5.9.0)
    rake (10.5.0)

PLATFORMS
  ruby

DEPENDENCIES
  bundler (~> 1.12)
  byebug
  fabrication
  faker
  jecab!
  minitest (~> 5.0)
  rake (~> 10.0)

BUNDLED WITH
   1.12.5
